GEM
  remote: http://rubygems.org/
  remote: http://gems.github.com/
  specs:
    actionmailer (2.3.9)
      actionpack (= 2.3.9)
    actionpack (2.3.9)
      activesupport (= 2.3.9)
      rack (~> 1.1.0)
    activerecord (2.3.9)
      activesupport (= 2.3.9)
    activeresource (2.3.9)
      activesupport (= 2.3.9)
    activesupport (2.3.9)
    amazon-ec2 (0.9.17)
      xml-simple (>= 1.0.12)
    builder (2.1.2)
    cgi_multipart_eof_fix (2.5.0)
    crack (0.1.8)
    daemons (1.1.0)
    dnsruby (1.51)
    enumerated_attribute (0.2.16)
      meta_programming (>= 0.2.1)
    fastthread (1.0.7)
    formtastic (1.1.0)
      actionpack (>= 2.3.0)
      activesupport (>= 2.3.0)
      i18n (>= 0.4.0)
    gem_plugin (0.2.3)
    i18n (0.5.0)
    meta_programming (0.2.2)
    mongrel (1.1.5)
      cgi_multipart_eof_fix (>= 2.4)
      daemons (>= 1.0.3)
      fastthread (>= 1.0.1)
      gem_plugin (>= 0.2.3)
    mysql (2.8.1)
    open4 (1.0.1)
    rack (1.1.0)
    rails (2.3.9)
      actionmailer (= 2.3.9)
      actionpack (= 2.3.9)
      activerecord (= 2.3.9)
      activeresource (= 2.3.9)
      activesupport (= 2.3.9)
      rake (>= 0.8.3)
    rake (0.8.7)
    ruby-password (0.15.5)
      ruby-termios
    ruby-termios (0.9.6)
    savon (0.7.9)
      builder (>= 2.1.2)
      crack (>= 0.1.4)
    sqlite3-ruby (1.3.1)
    stomp (1.1.7)
    will_paginate (2.3.15)
    xml-simple (1.0.12)

PLATFORMS
  ruby

DEPENDENCIES
  amazon-ec2 (>= 0.9.17)
  dnsruby
  enumerated_attribute
  formtastic (~> 1.1.0)
  mongrel
  mysql
  open4
  rails (= 2.3.9)
  ruby-password
  savon
  sqlite3-ruby
  stomp
  will_paginate
  xml-simple
